GEM
  remote: https://rubygems.org/
  specs:
    fileutils (1.1.0)
    smarter_csv (1.1.5)

PLATFORMS
  ruby

DEPENDENCIES
  fileutils (~> 1.1.0)
  smarter_csv (~> 1.1.4)

RUBY VERSION
   ruby 2.5.1p57

BUNDLED WITH
   1.17.1
