GEM
  remote: https://rubygems.org/
  specs:
    aws-eventstream (1.0.1)
    aws-partitions (1.106.0)
    aws-sdk-core (3.35.0)
      aws-eventstream (~> 1.0)
      aws-partitions (~> 1.0)
      aws-sigv4 (~> 1.0)
      jmespath (~> 1.0)
    aws-sdk-dynamodb (1.15.0)
      aws-sdk-core (~> 3, >= 3.26.0)
      aws-sigv4 (~> 1.0)
    aws-sigv4 (1.0.3)
    dotenv (2.7.2)
    fileutils (1.1.0)
    jmespath (1.4.0)
    smarter_csv (1.1.5)

PLATFORMS
  ruby

DEPENDENCIES
  aws-sdk-dynamodb
  dotenv
  fileutils (~> 1.1.0)
  smarter_csv (~> 1.1.4)

BUNDLED WITH
   2.0.1
